GEM
  remote: https://rubygems.org/
  specs:
    base64 (0.3.0)
    bson (5.2.0)
    json (2.15.1)
    mongo (2.21.3)
      base64
      bson (>= 4.14.1, < 6.0.0)
    mustermann (3.0.4)
      ruby2_keywords (~> 0.0.1)
    rack (2.2.20)
    rack-protection (3.2.0)
      base64 (>= 0.1.0)
      rack (~> 2.2, >= 2.2.4)
    ruby2_keywords (0.0.5)
    sinatra (3.2.0)
      mustermann (~> 3.0)
      rack (~> 2.2, >= 2.2.4)
      rack-protection (= 3.2.0)
      tilt (~> 2.0)
    tilt (2.6.1)
    webrick (1.9.1)

PLATFORMS
  ruby
  x86_64-linux

DEPENDENCIES
  json (~> 2.6)
  mongo (~> 2.18)
  sinatra (~> 3.0)
  webrick (~> 1.8)

BUNDLED WITH
   2.7.2
